GEM
  remote: https://rubygems.org/
  specs:
    pairing_heap (0.1.0)

PLATFORMS
  x86_64-darwin-21

DEPENDENCIES
  pairing_heap (~> 0.1.0)

BUNDLED WITH
   2.3.3
